GIT
  remote: https://github.com/puppetlabs/vmpooler.git
  revision: 7626a41d9291671d9f0562230b30d5697f4d322f
  branch: update_redis
  specs:
    vmpooler (2.5.0)
      concurrent-ruby (~> 1.1)
      connection_pool (~> 2.2)
      deep_merge (~> 1.2)
      net-ldap (~> 0.16)
      opentelemetry-exporter-jaeger (= 0.20.1)
      opentelemetry-instrumentation-concurrent_ruby (= 0.19.2)
      opentelemetry-instrumentation-http_client (= 0.19.4)
      opentelemetry-instrumentation-redis (= 0.21.3)
      opentelemetry-instrumentation-sinatra (= 0.19.3)
      opentelemetry-resource_detectors (= 0.19.1)
      opentelemetry-sdk (~> 1.0, >= 1.0.2)
      pickup (~> 0.0.11)
      prometheus-client (~> 2.0)
      puma (~> 5.0, >= 5.0.4)
      rack (~> 2.2)
      rake (~> 13.0)
      redis (~> 5.0)
      sinatra (~> 2.0)
      spicy-proton (~> 2.1)
      statsd-ruby (~> 1.4)

GEM
  remote: https://rubygems.org/
  specs:
    addressable (2.8.4)
      public_suffix (>= 2.0.2, < 6.0)
    bindata (2.4.15)
    builder (3.2.4)
    concurrent-ruby (1.2.2)
    connection_pool (2.4.0)
    declarative (0.0.20)
    deep_merge (1.2.2)
    faraday (2.7.4)
      faraday-net_http (>= 2.0, < 3.1)
      ruby2_keywords (>= 0.0.4)
    faraday-net_http (3.0.2)
    google-apis-compute_v1 (0.65.0)
      google-apis-core (>= 0.11.0, < 2.a)
    google-apis-core (0.11.0)
      addressable (~> 2.5, >= 2.5.1)
      googleauth (>= 0.16.2, < 2.a)
      httpclient (>= 2.8.1, < 3.a)
      mini_mime (~> 1.0)
      representable (~> 3.0)
      retriable (>= 2.0, < 4.a)
      rexml
      webrick
    google-apis-dns_v1 (0.31.0)
      google-apis-core (>= 0.11.0, < 2.a)
    google-cloud-core (1.6.0)
      google-cloud-env (~> 1.0)
      google-cloud-errors (~> 1.0)
    google-cloud-dns (0.35.1)
      google-apis-dns_v1 (~> 0.1)
      google-cloud-core (~> 1.6)
      googleauth (>= 0.16.2, < 2.a)
      zonefile (~> 1.04)
    google-cloud-env (1.6.0)
      faraday (>= 0.17.3, < 3.0)
    google-cloud-errors (1.3.1)
    googleauth (1.2.0)
      faraday (>= 0.17.3, < 3.a)
      jwt (>= 1.4, < 3.0)
      memoist (~> 0.16)
      multi_json (~> 1.11)
      os (>= 0.9, < 2.0)
      signet (>= 0.16, < 2.a)
    httpclient (2.8.3)
    json (2.6.3-java)
    jwt (2.7.0)
    memoist (0.16.2)
    mini_mime (1.1.2)
    multi_json (1.15.0)
    mustermann (2.0.2)
      ruby2_keywords (~> 0.0.1)
    net-ldap (0.18.0)
    nio4r (2.5.9-java)
    nokogiri (1.14.3-java)
      racc (~> 1.4)
    opentelemetry-api (1.1.0)
    opentelemetry-common (0.19.6)
      opentelemetry-api (~> 1.0)
    opentelemetry-exporter-jaeger (0.20.1)
      opentelemetry-api (~> 1.0)
      opentelemetry-common (~> 0.19.2)
      opentelemetry-sdk (~> 1.0)
      thrift
    opentelemetry-instrumentation-base (0.19.0)
      opentelemetry-api (~> 1.0)
    opentelemetry-instrumentation-concurrent_ruby (0.19.2)
      opentelemetry-api (~> 1.0)
      opentelemetry-instrumentation-base (~> 0.19.0)
    opentelemetry-instrumentation-http_client (0.19.4)
      opentelemetry-api (~> 1.0)
      opentelemetry-common (~> 0.19.3)
      opentelemetry-instrumentation-base (~> 0.19.0)
    opentelemetry-instrumentation-redis (0.21.3)
      opentelemetry-api (~> 1.0)
      opentelemetry-common (~> 0.19.3)
      opentelemetry-instrumentation-base (~> 0.19.0)
    opentelemetry-instrumentation-sinatra (0.19.3)
      opentelemetry-api (~> 1.0)
      opentelemetry-common (~> 0.19.3)
      opentelemetry-instrumentation-base (~> 0.19.0)
    opentelemetry-registry (0.2.0)
      opentelemetry-api (~> 1.1)
    opentelemetry-resource_detectors (0.19.1)
      google-cloud-env
      opentelemetry-sdk
    opentelemetry-sdk (1.2.0)
      opentelemetry-api (~> 1.1)
      opentelemetry-common (~> 0.19.3)
      opentelemetry-registry (~> 0.2)
      opentelemetry-semantic_conventions
    opentelemetry-semantic_conventions (1.8.0)
      opentelemetry-api (~> 1.0)
    optimist (3.0.1)
    os (1.1.4)
    pickup (0.0.11)
    prometheus-client (2.1.0)
    public_suffix (5.0.1)
    puma (5.6.5-java)
      nio4r (~> 2.0)
    racc (1.6.2-java)
    rack (2.2.6.4)
    rack-protection (2.2.4)
      rack
    rake (13.0.6)
    rbvmomi2 (3.6.0)
      builder (~> 3.2)
      json (~> 2.3)
      nokogiri (~> 1.12, >= 1.12.5)
      optimist (~> 3.0)
    redis (5.0.6)
      redis-client (>= 0.9.0)
    redis-client (0.14.1)
      connection_pool
    representable (3.2.0)
      declarative (< 0.1.0)
      trailblazer-option (>= 0.1.1, < 0.2.0)
      uber (< 0.2.0)
    retriable (3.1.2)
    rexml (3.2.5)
    ruby2_keywords (0.0.5)
    signet (0.17.0)
      addressable (~> 2.8)
      faraday (>= 0.17.5, < 3.a)
      jwt (>= 1.5, < 3.0)
      multi_json (~> 1.10)
    sinatra (2.2.4)
      mustermann (~> 2.0)
      rack (~> 2.2)
      rack-protection (= 2.2.4)
      tilt (~> 2.0)
    spicy-proton (2.1.15)
      bindata (~> 2.3)
    statsd-ruby (1.5.0)
    thrift (0.18.1)
    tilt (2.1.0)
    trailblazer-option (0.1.2)
    uber (0.1.0)
    vmpooler-provider-gce (0.5.0)
      google-apis-compute_v1 (~> 0.14)
      google-cloud-dns (~> 0.35.1)
      googleauth (>= 0.16.2, < 1.3.0)
      vmpooler (~> 2.3, >= 1.3.0)
    vmpooler-provider-vsphere (2.1.0)
      rbvmomi2 (>= 3.1, < 4.0)
      vmpooler (~> 2.4)
    webrick (1.8.1)
    zonefile (1.06)

PLATFORMS
  universal-java-11

DEPENDENCIES
  vmpooler!
  vmpooler-provider-gce (~> 0.5)
  vmpooler-provider-vsphere (~> 2.1)

BUNDLED WITH
   2.4.7
