GEM
  remote: https://rubygems.org/
  specs:
    addressable (2.8.7)
      public_suffix (>= 2.0.2, < 7.0)
    base64 (0.3.0)
    bindata (2.5.1)
    builder (3.3.0)
    concurrent-ruby (1.3.5)
    connection_pool (2.5.3)
    declarative (0.0.20)
    deep_merge (1.2.2)
    faraday (2.13.1)
      faraday-net_http (>= 2.0, < 3.5)
      json
      logger
    faraday-net_http (3.4.0)
      net-http (>= 0.5.0)
    google-apis-compute_v1 (0.86.0)
      google-apis-core (>= 0.11.0, < 2.a)
    google-apis-core (0.11.3)
      addressable (~> 2.5, >= 2.5.1)
      googleauth (>= 0.16.2, < 2.a)
      httpclient (>= 2.8.1, < 3.a)
      mini_mime (~> 1.0)
      representable (~> 3.0)
      retriable (>= 2.0, < 4.a)
      rexml
    google-apis-dns_v1 (0.36.0)
      google-apis-core (>= 0.11.0, < 2.a)
    google-cloud-core (1.8.0)
      google-cloud-env (>= 1.0, < 3.a)
      google-cloud-errors (~> 1.0)
    google-cloud-dns (0.35.1)
      google-apis-dns_v1 (~> 0.1)
      google-cloud-core (~> 1.6)
      googleauth (>= 0.16.2, < 2.a)
      zonefile (~> 1.04)
    google-cloud-env (2.3.1)
      base64 (~> 0.2)
      faraday (>= 1.0, < 3.a)
    google-cloud-errors (1.5.0)
    googleauth (1.2.0)
      faraday (>= 0.17.3, < 3.a)
      jwt (>= 1.4, < 3.0)
      memoist (~> 0.16)
      multi_json (~> 1.11)
      os (>= 0.9, < 2.0)
      signet (>= 0.16, < 2.a)
    httpclient (2.9.0)
      mutex_m
    json (2.12.2-java)
    jwt (2.10.1)
      base64
    logger (1.7.0)
    memoist (0.16.2)
    mini_mime (1.1.5)
    multi_json (1.15.0)
    mustermann (3.0.3)
      ruby2_keywords (~> 0.0.1)
    mutex_m (0.3.0)
    net-http (0.6.0)
      uri
    net-ldap (0.19.0)
    nio4r (2.7.4-java)
    nokogiri (1.18.8-java)
      racc (~> 1.4)
    opentelemetry-api (1.5.0)
    opentelemetry-common (0.20.1)
      opentelemetry-api (~> 1.0)
    opentelemetry-exporter-jaeger (0.23.0)
      opentelemetry-api (~> 1.1)
      opentelemetry-common (~> 0.20)
      opentelemetry-sdk (~> 1.2)
      opentelemetry-semantic_conventions
      thrift
    opentelemetry-instrumentation-base (0.22.3)
      opentelemetry-api (~> 1.0)
      opentelemetry-registry (~> 0.1)
    opentelemetry-instrumentation-concurrent_ruby (0.21.1)
      opentelemetry-api (~> 1.0)
      opentelemetry-instrumentation-base (~> 0.22.1)
    opentelemetry-instrumentation-http_client (0.22.2)
      opentelemetry-api (~> 1.0)
      opentelemetry-common (~> 0.20.0)
      opentelemetry-instrumentation-base (~> 0.22.1)
    opentelemetry-instrumentation-rack (0.23.4)
      opentelemetry-api (~> 1.0)
      opentelemetry-common (~> 0.20.0)
      opentelemetry-instrumentation-base (~> 0.22.1)
    opentelemetry-instrumentation-redis (0.25.3)
      opentelemetry-api (~> 1.0)
      opentelemetry-common (~> 0.20.0)
      opentelemetry-instrumentation-base (~> 0.22.1)
    opentelemetry-instrumentation-sinatra (0.23.2)
      opentelemetry-api (~> 1.0)
      opentelemetry-common (~> 0.20.0)
      opentelemetry-instrumentation-base (~> 0.22.1)
      opentelemetry-instrumentation-rack (~> 0.21)
    opentelemetry-registry (0.4.0)
      opentelemetry-api (~> 1.1)
    opentelemetry-resource_detectors (0.24.2)
      google-cloud-env
      opentelemetry-sdk (~> 1.0)
    opentelemetry-sdk (1.8.0)
      opentelemetry-api (~> 1.1)
      opentelemetry-common (~> 0.20)
      opentelemetry-registry (~> 0.2)
      opentelemetry-semantic_conventions
    opentelemetry-semantic_conventions (1.11.0)
      opentelemetry-api (~> 1.0)
    optimist (3.2.1)
    os (1.1.4)
    pickup (0.0.11)
    prometheus-client (4.2.4)
      base64
    public_suffix (6.0.2)
    puma (6.6.0-java)
      nio4r (~> 2.0)
    racc (1.8.1-java)
    rack (2.2.17)
    rack-protection (3.2.0)
      base64 (>= 0.1.0)
      rack (~> 2.2, >= 2.2.4)
    rake (13.3.0)
    rbvmomi2 (3.8.0)
      builder (~> 3.2)
      json (~> 2.3)
      nokogiri (~> 1.12, >= 1.12.5)
      optimist (~> 3.0)
    redis (5.4.0)
      redis-client (>= 0.22.0)
    redis-client (0.24.0)
      connection_pool
    representable (3.2.0)
      declarative (< 0.1.0)
      trailblazer-option (>= 0.1.1, < 0.2.0)
      uber (< 0.2.0)
    retriable (3.1.2)
    rexml (3.4.1)
    ruby2_keywords (0.0.5)
    signet (0.20.0)
      addressable (~> 2.8)
      faraday (>= 0.17.5, < 3.a)
      jwt (>= 1.5, < 3.0)
      multi_json (~> 1.10)
    sinatra (3.2.0)
      mustermann (~> 3.0)
      rack (~> 2.2, >= 2.2.4)
      rack-protection (= 3.2.0)
      tilt (~> 2.0)
    spicy-proton (2.1.15)
      bindata (~> 2.3)
    statsd-ruby (1.5.0)
    thrift (0.22.0)
    tilt (2.6.0)
    trailblazer-option (0.1.2)
    uber (0.1.0)
    uri (1.0.3)
    vmpooler (3.7.0)
      concurrent-ruby (~> 1.1)
      connection_pool (~> 2.4)
      deep_merge (~> 1.2)
      net-ldap (~> 0.16)
      opentelemetry-exporter-jaeger (= 0.23.0)
      opentelemetry-instrumentation-concurrent_ruby (= 0.21.1)
      opentelemetry-instrumentation-http_client (= 0.22.2)
      opentelemetry-instrumentation-rack (= 0.23.4)
      opentelemetry-instrumentation-redis (= 0.25.3)
      opentelemetry-instrumentation-sinatra (= 0.23.2)
      opentelemetry-resource_detectors (= 0.24.2)
      opentelemetry-sdk (~> 1.8)
      pickup (~> 0.0.11)
      prometheus-client (>= 2, < 5)
      puma (>= 5.0.4, < 7)
      rack (>= 2.2, < 4.0)
      rake (~> 13.0)
      redis (~> 5.0)
      sinatra (>= 2, < 4)
      spicy-proton (~> 2.1)
      statsd-ruby (~> 1.4)
    vmpooler-dns-gcp (1.2.0)
      google-cloud-dns (~> 0.35.1)
      googleauth (>= 0.16.2, < 1.3.0)
      vmpooler (~> 3.0)
    vmpooler-provider-gce (1.3.0)
      google-apis-compute_v1 (~> 0.14)
      googleauth (>= 0.16.2, < 1.4.0)
      vmpooler (~> 3.0)
    vmpooler-provider-vsphere (3.3.4)
      rbvmomi2 (>= 3.1, < 4.0)
      vmpooler (~> 3.0)
    zonefile (1.06)

PLATFORMS
  universal-java-11

DEPENDENCIES
  vmpooler (~> 3.0)
  vmpooler-dns-gcp (~> 1.0)
  vmpooler-provider-gce (~> 1.0)
  vmpooler-provider-vsphere (~> 3.0)

BUNDLED WITH
   2.4.12
