GIT
  remote: https://github.com/puppetlabs/vmpooler-provider-ec2.git
  revision: 13d0de6dc035c46dcd099d0b5e9b02bc19e8fcdd
  specs:
    vmpooler-provider-ec2 (0.0.1)
      aws-sdk-ec2 (~> 1)
      net-ssh (~> 6.2.0.rc2)

GIT
  remote: https://github.com/puppetlabs/vmpooler-provider-gce.git
  revision: 46b9c5aef06184f8a2bd0be6086ae2256b19020a
  specs:
    vmpooler-provider-gce (0.3.0)
      google-apis-compute_v1 (~> 0.14)
      google-cloud-dns (~> 0.35.1)
      googleauth (>= 0.16.2, < 1.2.0)

GIT
  remote: https://github.com/puppetlabs/vmpooler-provider-vsphere.git
  revision: a12e5aac2b655b178afdb598a0981fae1b6019a4
  specs:
    vmpooler-provider-vsphere (1.6.0)
      rbvmomi (>= 2.1, < 4.0)

GIT
  remote: https://github.com/puppetlabs/vmpooler.git
  revision: b9a1bb74017c417526cde6586b8dd333435ff74c
  specs:
    vmpooler (2.4.0)
      concurrent-ruby (~> 1.1)
      connection_pool (~> 2.2)
      deep_merge (~> 1.2)
      net-ldap (~> 0.16)
      opentelemetry-exporter-jaeger (= 0.20.1)
      opentelemetry-instrumentation-concurrent_ruby (= 0.19.2)
      opentelemetry-instrumentation-http_client (= 0.19.4)
      opentelemetry-instrumentation-redis (= 0.21.3)
      opentelemetry-instrumentation-sinatra (= 0.19.3)
      opentelemetry-resource_detectors (= 0.19.1)
      opentelemetry-sdk (~> 1.0, >= 1.0.2)
      pickup (~> 0.0.11)
      prometheus-client (~> 2.0)
      puma (~> 5.0, >= 5.0.4)
      rack (~> 2.2)
      rake (~> 13.0)
      redis (~> 4.1)
      sinatra (~> 2.0)
      spicy-proton (~> 2.1)
      statsd-ruby (~> 1.4)

GEM
  remote: https://rubygems.org/
  specs:
    addressable (2.8.0)
      public_suffix (>= 2.0.2, < 5.0)
    aws-eventstream (1.2.0)
    aws-partitions (1.610.0)
    aws-sdk-core (3.131.3)
      aws-eventstream (~> 1, >= 1.0.2)
      aws-partitions (~> 1, >= 1.525.0)
      aws-sigv4 (~> 1.1)
      jmespath (~> 1, >= 1.6.1)
    aws-sdk-ec2 (1.324.0)
      aws-sdk-core (~> 3, >= 3.127.0)
      aws-sigv4 (~> 1.1)
    aws-sigv4 (1.5.1)
      aws-eventstream (~> 1, >= 1.0.2)
    bindata (2.4.10)
    builder (3.2.4)
    concurrent-ruby (1.1.10)
    connection_pool (2.2.5)
    declarative (0.0.20)
    deep_merge (1.2.2)
    faraday (2.3.0)
      faraday-net_http (~> 2.0)
      ruby2_keywords (>= 0.0.4)
    faraday-net_http (2.0.3)
    google-apis-compute_v1 (0.44.0)
      google-apis-core (>= 0.7, < 2.a)
    google-apis-core (0.7.0)
      addressable (~> 2.5, >= 2.5.1)
      googleauth (>= 0.16.2, < 2.a)
      httpclient (>= 2.8.1, < 3.a)
      mini_mime (~> 1.0)
      representable (~> 3.0)
      retriable (>= 2.0, < 4.a)
      rexml
      webrick
    google-apis-dns_v1 (0.23.0)
      google-apis-core (>= 0.7, < 2.a)
    google-cloud-core (1.6.0)
      google-cloud-env (~> 1.0)
      google-cloud-errors (~> 1.0)
    google-cloud-dns (0.35.1)
      google-apis-dns_v1 (~> 0.1)
      google-cloud-core (~> 1.6)
      googleauth (>= 0.16.2, < 2.a)
      zonefile (~> 1.04)
    google-cloud-env (1.6.0)
      faraday (>= 0.17.3, < 3.0)
    google-cloud-errors (1.2.0)
    googleauth (1.1.3)
      faraday (>= 0.17.3, < 3.a)
      jwt (>= 1.4, < 3.0)
      memoist (~> 0.16)
      multi_json (~> 1.11)
      os (>= 0.9, < 2.0)
      signet (>= 0.16, < 2.a)
    httpclient (2.8.3)
    jmespath (1.6.1)
    json (2.6.2)
    json (2.6.2-java)
    jwt (2.4.1)
    memoist (0.16.2)
    mini_mime (1.1.2)
    multi_json (1.15.0)
    mustermann (2.0.2)
      ruby2_keywords (~> 0.0.1)
    net-ldap (0.17.1)
    net-ssh (6.2.0.rc2)
    nio4r (2.5.8)
    nio4r (2.5.8-java)
    nokogiri (1.13.9-java)
      racc (~> 1.4)
    nokogiri (1.13.9-x86_64-linux)
      racc (~> 1.4)
    opentelemetry-api (1.0.2)
    opentelemetry-common (0.19.6)
      opentelemetry-api (~> 1.0)
    opentelemetry-exporter-jaeger (0.20.1)
      opentelemetry-api (~> 1.0)
      opentelemetry-common (~> 0.19.2)
      opentelemetry-sdk (~> 1.0)
      thrift
    opentelemetry-instrumentation-base (0.19.0)
      opentelemetry-api (~> 1.0)
    opentelemetry-instrumentation-concurrent_ruby (0.19.2)
      opentelemetry-api (~> 1.0)
      opentelemetry-instrumentation-base (~> 0.19.0)
    opentelemetry-instrumentation-http_client (0.19.4)
      opentelemetry-api (~> 1.0)
      opentelemetry-common (~> 0.19.3)
      opentelemetry-instrumentation-base (~> 0.19.0)
    opentelemetry-instrumentation-redis (0.21.3)
      opentelemetry-api (~> 1.0)
      opentelemetry-common (~> 0.19.3)
      opentelemetry-instrumentation-base (~> 0.19.0)
    opentelemetry-instrumentation-sinatra (0.19.3)
      opentelemetry-api (~> 1.0)
      opentelemetry-common (~> 0.19.3)
      opentelemetry-instrumentation-base (~> 0.19.0)
    opentelemetry-registry (0.1.0)
      opentelemetry-api (~> 1.0.1)
    opentelemetry-resource_detectors (0.19.1)
      google-cloud-env
      opentelemetry-sdk
    opentelemetry-sdk (1.1.0)
      opentelemetry-api (~> 1.0)
      opentelemetry-common (~> 0.19.3)
      opentelemetry-registry (~> 0.1)
      opentelemetry-semantic_conventions
    opentelemetry-semantic_conventions (1.8.0)
      opentelemetry-api (~> 1.0)
    optimist (3.0.1)
    os (1.1.4)
    pickup (0.0.11)
    prometheus-client (2.1.0)
    public_suffix (4.0.7)
    puma (5.6.4)
      nio4r (~> 2.0)
    puma (5.6.4-java)
      nio4r (~> 2.0)
    racc (1.6.0)
    racc (1.6.0-java)
    rack (2.2.4)
    rack-protection (2.2.2)
      rack
    rake (13.0.6)
    rbvmomi (3.0.0)
      builder (~> 3.2)
      json (~> 2.3)
      nokogiri (~> 1.10)
      optimist (~> 3.0)
    redis (4.7.1)
    representable (3.2.0)
      declarative (< 0.1.0)
      trailblazer-option (>= 0.1.1, < 0.2.0)
      uber (< 0.2.0)
    retriable (3.1.2)
    rexml (3.2.5)
    ruby2_keywords (0.0.5)
    signet (0.17.0)
      addressable (~> 2.8)
      faraday (>= 0.17.5, < 3.a)
      jwt (>= 1.5, < 3.0)
      multi_json (~> 1.10)
    sinatra (2.2.2)
      mustermann (~> 2.0)
      rack (~> 2.2)
      rack-protection (= 2.2.2)
      tilt (~> 2.0)
    spicy-proton (2.1.14)
      bindata (~> 2.3)
    statsd-ruby (1.5.0)
    thrift (0.16.0)
    tilt (2.0.11)
    trailblazer-option (0.1.2)
    uber (0.1.0)
    webrick (1.7.0)
    zonefile (1.06)

PLATFORMS
  universal-java-1.8
  x86_64-linux

DEPENDENCIES
  vmpooler!
  vmpooler-provider-ec2!
  vmpooler-provider-gce!
  vmpooler-provider-vsphere!

BUNDLED WITH
   2.3.18
